{
	"Modality": "MR",
	"MagneticFieldStrength": 3,
	"ImagingFrequency": 127.738,
	"Manufacturer": "Philips",
	"ManufacturersModelName": "Achieva dStream",
	"InstitutionName": "University of Chicago",
	"InstitutionalDepartmentName": "BRIC 3T",
	"InstitutionAddress": "5835 S. Cottage Grove Ave",
	"DeviceSerialNumber": "24076",
	"StationName": "PHILIPS-EKUR50U",
	"BodyPartExamined": "BRAIN",
	"PatientPosition": "HFS",
	"SoftwareVersions": "5.6.1\\5.6.1.1",
	"MRAcquisitionType": "2D",
	"SeriesDescription": "Clip4",
	"ProtocolName": "WIP Clip4",
	"ScanningSequence": "GR",
	"SequenceVariant": "SK",
	"ScanOptions": "FS",
	"PulseSequenceName": "FEEPI",
	"ImageType": ["ORIGINAL", "PRIMARY", "M", "FFE", "M", "FFE"],
	"SeriesNumber": 1301,
	"AcquisitionTime": "15:14:59.110000",
	"AcquisitionNumber": 13,
	"PhilipsRWVSlope": 0.774115,
	"PhilipsRWVIntercept": 0,
	"PhilipsRescaleSlope": 0.774115,
	"PhilipsRescaleIntercept": 0,
	"PhilipsScaleSlope": 0.0196452,
	"UsePhilipsFloatNotDisplayScaling": 1,
	"SliceThickness": 3,
	"SpacingBetweenSlices": 3.3,
	"SAR": 0.0807772,
	"EchoTime": 0.028001,
	"RepetitionTime": 2,
	"MTState": false,
	"FlipAngle": 80,
	"CoilString": "MULTI COIL",
	"PercentPhaseFOV": 100,
	"PercentSampling": 100,
	"EchoTrainLength": 31,
	"PhaseEncodingSteps": 62,
	"AcquisitionMatrixPE": 62,
	"ReconMatrixPE": 64,
	"ParallelReductionFactorInPlane": 2,
	"ParallelAcquisitionTechnique": "SENSE",
	"WaterFatShift": 6.16794,
	"EstimatedEffectiveEchoSpacing": 0.000218379,
	"TotalReadoutTime": 0.0137579,
	"AcquisitionDuration": 137.908,
	"PixelBandwidth": 3425,
	"PhaseEncodingDirection": "j",
	"ImageOrientationPatientDICOM": [
		1,
		0,
		0,
		0,
		0.997693,
		-0.0678798	],
	"InPlanePhaseEncodingDirectionDICOM": "COL",
	"ConversionSoftware": "dcm2niix",
	"SliceTiming": [
		0,
		0.05,
		0.1,
		0.15,
		0.2,
		0.25,
		0.3,
		0.35,
		0.4,
		0.45,
		0.5,
		0.55,
		0.6,
		0.65,
		0.7,
		0.75,
		0.8,
		0.85,
		0.9,
		0.95,
		1,
		1.05,
		1.1,
		1.15,
		1.2,
		1.25,
		1.3,
		1.35,
		1.4,
		1.45,
		1.5,
		1.55,
		1.6,
		1.65,
		1.7,
		1.75,
		1.8,
		1.85,
		1.9,
		1.95
	],
	"ConversionSoftwareVersion": "v1.0.20220720"
}
