{
	"Modality": "MR",
	"MagneticFieldStrength": 3,
	"ImagingFrequency": 127.737,
	"Manufacturer": "Philips",
	"ManufacturersModelName": "Achieva dStream",
	"InstitutionName": "University of Chicago",
	"InstitutionalDepartmentName": "BRIC 3T",
	"InstitutionAddress": "5835 S. Cottage Grove Ave",
	"DeviceSerialNumber": "24076",
	"StationName": "PHILIPS-EKUR50U",
	"BodyPartExamined": "BRAIN",
	"PatientPosition": "HFS",
	"SoftwareVersions": "5.6.1\\5.6.1.1",
	"MRAcquisitionType": "2D",
	"SeriesDescription": "EPI_BlipP",
	"ProtocolName": "WIP EPI_BlipP",
	"ScanningSequence": "GR",
	"SequenceVariant": "SK",
	"ScanOptions": "FS",
	"PulseSequenceName": "FEEPI",
	"ImageType": ["ORIGINAL", "PRIMARY", "M", "FFE", "M", "FFE"],
	"SeriesNumber": 1301,
	"AcquisitionTime": "13:09:56.600000",
	"AcquisitionNumber": 13,
	"PhilipsRWVSlope": 0.781441,
	"PhilipsRWVIntercept": 0,
	"PhilipsRescaleSlope": 0.781441,
	"PhilipsRescaleIntercept": 0,
	"PhilipsScaleSlope": 0.015369,
	"UsePhilipsFloatNotDisplayScaling": 1,
	"SliceThickness": 3,
	"SpacingBetweenSlices": 3.3,
	"SAR": 0.0807009,
	"EchoTime": 0.028,
	"RepetitionTime": 2,
	"MTState": false,
	"FlipAngle": 80,
	"CoilString": "MULTI COIL",
	"PercentPhaseFOV": 100,
	"PercentSampling": 100,
	"EchoTrainLength": 31,
	"PhaseEncodingSteps": 62,
	"AcquisitionMatrixPE": 62,
	"ReconMatrixPE": 64,
	"ParallelReductionFactorInPlane": 2,
	"ParallelAcquisitionTechnique": "SENSE",
	"WaterFatShift": 6.1845,
	"EstimatedEffectiveEchoSpacing": 0.000218968,
	"TotalReadoutTime": 0.013795,
	"AcquisitionDuration": 15.954,
	"PixelBandwidth": 3375,
	"PhaseEncodingDirection": "j-",
	"ImageOrientationPatientDICOM": [
		1,
		0,
		0,
		0,
		1,
		0	],
	"InPlanePhaseEncodingDirectionDICOM": "COL",
	"ConversionSoftware": "dcm2niix",
	"IntendedFor": [
		"func/sub-060_task-clip_run-1_bold.nii.gz",
		"func/sub-060_task-clip_run-2_bold.nii.gz",
		"func/sub-060_task-clip_run-3_bold.nii.gz",
		"func/sub-060_task-clip_run-4_bold.nii.gz",
		"func/sub-060_task-pm_run-1_bold.nii.gz",
		"func/sub-060_task-pm_run-2_bold.nii.gz",
		"func/sub-060_task-pm_run-3_bold.nii.gz",
		"func/sub-060_task-pm_run-4_bold.nii.gz",
		"func/sub-060_task-pm_run-5_bold.nii.gz"
	],
	"ConversionSoftwareVersion": "v1.0.20220720"
}
