{
	"Modality": "MR",
	"MagneticFieldStrength": 3,
	"ImagingFrequency": 127.737,
	"Manufacturer": "Philips",
	"ManufacturersModelName": "Achieva dStream",
	"InstitutionName": "University of Chicago",
	"InstitutionalDepartmentName": "BRIC 3T",
	"InstitutionAddress": "5835 S. Cottage Grove Ave",
	"DeviceSerialNumber": "24076",
	"StationName": "PHILIPS-EKUR50U",
	"BodyPartExamined": "BRAIN",
	"PatientPosition": "HFS",
	"SoftwareVersions": "5.6.1\\5.6.1.1",
	"MRAcquisitionType": "3D",
	"SeriesDescription": "T1 W 3D",
	"ProtocolName": "WIP T1 W 3D",
	"ScanningSequence": "GR",
	"SequenceVariant": "MP",
	"ScanOptions": "OTHER",
	"PulseSequenceName": "T1TFE",
	"ImageType": ["ORIGINAL", "PRIMARY", "M", "FFE", "M", "FFE"],
	"SeriesNumber": 201,
	"AcquisitionTime": "08:59:51.020000",
	"AcquisitionNumber": 2,
	"PhilipsRWVSlope": 5.20073,
	"PhilipsRWVIntercept": 0,
	"PhilipsRescaleSlope": 5.20073,
	"PhilipsRescaleIntercept": 0,
	"PhilipsScaleSlope": 0.00627581,
	"UsePhilipsFloatNotDisplayScaling": 1,
	"SliceThickness": 0.85,
	"SpacingBetweenSlices": 0.85,
	"SAR": 0.0186918,
	"EchoTime": 0.0035,
	"RepetitionTime": 0.008,
	"MTState": false,
	"SpoilingState": true,
	"SpoilingType": "COMBINED",
	"FlipAngle": 8,
	"CoilString": "MULTI COIL",
	"PercentPhaseFOV": 91.6667,
	"PercentSampling": 100,
	"EchoTrainLength": 260,
	"PhaseEncodingSteps": 284,
	"AcquisitionMatrixPE": 284,
	"ReconMatrixPE": 288,
	"ParallelAcquisitionTechnique": "SENSE",
	"ParallelReductionOutOfPlane": 2,
	"WaterFatShift": 1.70213,
	"EstimatedEffectiveEchoSpacing": 1.36034e-05,
	"EstimatedTotalReadoutTime": 0.00390419,
	"AcquisitionDuration": 267.798,
	"PixelBandwidth": 255,
	"PhaseEncodingAxis": "i",
	"ImageOrientationPatientDICOM": [
		0,
		1,
		0,
		0,
		0,
		-1	],
	"InPlanePhaseEncodingDirectionDICOM": "ROW",
	"ConversionSoftware": "dcm2niix",
	"ConversionSoftwareVersion": "v1.0.20220720"
}
